GIT
  remote: git://github.com/Papipo/hassle.git
  revision: 3a12feb7ae8c94acde7bdf1cc8a34bb89ab39f44
  specs:
    hassle (0.0.1)
      haml
      rack

GIT
  remote: git://github.com/bgentry/haml-rails.git
  revision: ce36cb5cb20e94defb8e54cb6e487d4f6aeac73f
  specs:
    haml-rails (0.2)
      actionpack (~> 3.0.0)
      activesupport (~> 3.0.0)
      haml (~> 3.0.18)
      railties (~> 3.0.0)

GIT
  remote: git://github.com/igrigorik/em-synchrony.git
  revision: e585afeeb262d2aeb2885f706c3afb4c2f0e4b6f
  specs:
    em-synchrony (0.1.5)
      eventmachine (>= 0.12.9)

GIT
  remote: git://github.com/mongoid/mongoid.git
  revision: 17f9a110590fd37383e799c437725a76f05648ff
  specs:
    mongoid (2.0.0.beta.19)
      activemodel (~> 3.0)
      mongo (~> 1.1)
      tzinfo (~> 0.3.22)
      will_paginate (~> 3.0.pre)

GIT
  remote: git://github.com/plataformatec/devise.git
  revision: 721843c841f0dc5391dac3b62c5e9cc966dba8d3
  specs:
    devise (1.2.rc)
      bcrypt-ruby (~> 2.1.2)
      warden (~> 1.0.0)

GEM
  remote: http://rubygems.org/
  specs:
    abstract (1.0.0)
    actionmailer (3.0.0)
      actionpack (= 3.0.0)
      mail (~> 2.2.5)
    actionpack (3.0.0)
      activemodel (= 3.0.0)
      activesupport (= 3.0.0)
      builder (~> 2.1.2)
      erubis (~> 2.6.6)
      i18n (~> 0.4.1)
      rack (~> 1.2.1)
      rack-mount (~> 0.6.12)
      rack-test (~> 0.5.4)
      tzinfo (~> 0.3.23)
    activemodel (3.0.0)
      activesupport (= 3.0.0)
      builder (~> 2.1.2)
      i18n (~> 0.4.1)
    activesupport (3.0.0)
    addressable (2.2.1)
    bcrypt-ruby (2.1.2)
    bson (1.0.9)
    bson_ext (1.0.9)
    builder (2.1.2)
    em-http-request (0.2.14)
      addressable (>= 2.0.0)
      eventmachine (>= 0.12.9)
    erubis (2.6.6)
      abstract (>= 1.0.0)
    eventmachine (0.12.10)
    haml (3.0.21)
    i18n (0.4.1)
    mail (2.2.7)
      activesupport (>= 2.3.6)
      mime-types
      treetop (>= 1.4.5)
    mime-types (1.16)
    mongo (1.1)
      bson (>= 1.0.5)
    openid_mongodb_store (0.2.3)
    polyglot (0.3.1)
    rack (1.2.1)
    rack-fiber_pool (0.9.0)
    rack-mount (0.6.13)
      rack (>= 1.0.0)
    rack-openid (1.2.0)
      rack (>= 1.1.0)
      ruby-openid (>= 2.1.8)
    rack-test (0.5.6)
      rack (>= 1.0)
    rails3-generators (0.14.0)
    railties (3.0.0)
      actionpack (= 3.0.0)
      activesupport (= 3.0.0)
      rake (>= 0.8.4)
      thor (~> 0.14.0)
    rake (0.8.7)
    ruby-openid (2.1.8)
    thor (0.14.3)
    treetop (1.4.8)
      polyglot (>= 0.3.1)
    tzinfo (0.3.23)
    warden (1.0.0)
      rack (>= 1.0.0)
    warden-openid (0.1.0)
      rack-openid
      warden
    will_paginate (3.0.pre2)

PLATFORMS
  ruby

DEPENDENCIES
  actionmailer (~> 3.0.0)
  bson (~> 1.0.9)
  bson_ext (~> 1.0.9)
  bundler (~> 1.0.0)
  devise!
  em-http-request
  em-synchrony!
  haml-rails!
  hassle!
  mongo (~> 1.1.0)
  mongoid!
  openid_mongodb_store
  rack-fiber_pool
  rack-openid
  rails3-generators
  railties (~> 3.0.0)
  warden-openid
