GIT
  remote: git://github.com/CodeMonkeySteve/em-synchrony.git
  revision: 2da15fd
  specs:
    em-synchrony (0.1.5)
      eventmachine (>= 0.12.9)

GIT
  remote: git://github.com/CodeMonkeySteve/mongoid.git
  revision: 2b8660e
  specs:
    mongoid (2.0.0.beta.16)
      activemodel (~> 3.0.0)
      bson (~> 1.0.4)
      mongo (~> 1.0.7)
      tzinfo (~> 0.3.22)
      will_paginate (~> 3.0.pre)

GIT
  remote: git://github.com/plataformatec/devise.git
  revision: bf122d8
  specs:
    devise (1.2.0)
      bcrypt-ruby (~> 2.1.2)
      warden (~> 0.10.7)

GEM
  remote: http://rubygems.org/
  specs:
    abstract (1.0.0)
    actionmailer (3.0.0.rc2)
      actionpack (= 3.0.0.rc2)
      mail (~> 2.2.5)
    actionpack (3.0.0.rc2)
      activemodel (= 3.0.0.rc2)
      activesupport (= 3.0.0.rc2)
      builder (~> 2.1.2)
      erubis (~> 2.6.6)
      i18n (~> 0.4.1)
      rack (~> 1.2.1)
      rack-mount (~> 0.6.12)
      rack-test (~> 0.5.4)
      tzinfo (~> 0.3.23)
    activemodel (3.0.0.rc2)
      activesupport (= 3.0.0.rc2)
      builder (~> 2.1.2)
      i18n (~> 0.4.1)
    activesupport (3.0.0.rc2)
    addressable (2.2.0)
    bcrypt-ruby (2.1.2)
    bson (1.0.7)
    bson_ext (1.0.7)
    builder (2.1.2)
    daemons (1.1.0)
    em-http-request (0.2.11)
      addressable (>= 2.0.0)
      eventmachine (>= 0.12.9)
    erubis (2.6.6)
      abstract (>= 1.0.0)
    eventmachine (0.12.10)
    haml (3.0.17)
    hassle (0.0.1)
      haml
      rack
    i18n (0.4.1)
    mail (2.2.5)
      activesupport (>= 2.3.6)
      mime-types
      treetop (>= 1.4.5)
    mime-types (1.16)
    mongo (1.0.8)
      bson (>= 1.0.5)
    polyglot (0.3.1)
    rack (1.2.1)
    rack-fiber_pool (0.9.0)
    rack-mount (0.6.12)
      rack (>= 1.0.0)
    rack-openid (1.1.1)
      rack (>= 0.4)
      ruby-openid (>= 2.0.3)
    rack-test (0.5.4)
      rack (>= 1.0)
    rails3-generators (0.13.0)
    railties (3.0.0.rc2)
      actionpack (= 3.0.0.rc2)
      activesupport (= 3.0.0.rc2)
      rake (>= 0.8.3)
      thor (~> 0.14.0)
    rake (0.8.7)
    ruby-openid (2.1.8)
    thin (1.2.7)
      daemons (>= 1.0.9)
      eventmachine (>= 0.12.6)
      rack (>= 1.0.0)
    thor (0.14.0)
    treetop (1.4.8)
      polyglot (>= 0.3.1)
    tzinfo (0.3.23)
    warden (0.10.7)
      rack (>= 1.0.0)
    warden-openid (0.1.0)
      rack-openid
      warden
    will_paginate (3.0.pre2)

PLATFORMS
  ruby

DEPENDENCIES
  actionmailer (~> 3.0.0.rc)
  bson (~> 1.0.7)
  bson_ext (~> 1.0.7)
  bundler (~> 1.0.0.rc)
  devise!
  em-http-request
  em-synchrony!
  eventmachine (= 0.12.10)
  haml (~> 3.0.3)
  hassle
  mongo (~> 1.0.8)
  mongoid!
  rack-fiber_pool
  rack-openid
  rails3-generators
  railties (~> 3.0.0.rc)
  thin
  warden-openid
